PATH
  remote: .
  specs:
    nbt_utils (0.0.1)
      bindata (~> 1.2)

GEM
  remote: http://rubygems.org/
  specs:
    bindata (1.2.1)

PLATFORMS
  ruby

DEPENDENCIES
  bindata (~> 1.2)
  bundler (>= 1.0.0)
  nbt_utils!
