PATH
  remote: .
  specs:
    nbt_utils (0.0.3)
      bindata (~> 1.3)

GEM
  remote: http://rubygems.org/
  specs:
    bindata (1.3.1)

PLATFORMS
  ruby

DEPENDENCIES
  bundler (>= 1.0.0)
  nbt_utils!
