GEM
  remote: http://rubygems.org/
  specs:
    bindata (1.2.1)

PLATFORMS
  ruby

DEPENDENCIES
  bindata
